GEM
  remote: https://rubygems.org/
  specs:
    os (1.1.1)
    rake (13.0.1)

PLATFORMS
  ruby

DEPENDENCIES
  os
  rake

BUNDLED WITH
   2.1.4
